GEM
  remote: http://rubygems.org/
  specs:
    haml (3.1.6)
    rack (1.4.1)
    rack-rewrite (1.2.1)
    sass (3.1.20)

PLATFORMS
  ruby

DEPENDENCIES
  haml (~> 3.1.0)
  rack
  rack-rewrite (~> 1.2.1)
  sass (~> 3.1.5)
